FRAMEWORK: >= NET40
NUGET
  remote: http://api.nuget.org/v3/index.json
    IntelliFactory.Xml (0.6.63.95)
    WebSharper (3.6.11.234)
    WebSharper.Html (3.6.9.21)
      IntelliFactory.Xml (>= 0.6.63.95)
      WebSharper (>= 3.6.11.234)
    WebSharper.UI.Next (3.6.11.207)
      WebSharper (>= 3.6.11.234)
GITHUB
  remote: Kimserey/SimpleUI
    css/SimpleUI.css (69621b585c8a51043a900406caa5b426d8aee413)
    js/SimpleUI.js (69621b585c8a51043a900406caa5b426d8aee413)