FRAMEWORK: >= NET40
NUGET
  remote: http://api.nuget.org/v3/index.json
    IntelliFactory.Xml (0.6.63.95)
    WebSharper (3.6.11.234)
    WebSharper.Html (3.6.9.21)
      IntelliFactory.Xml (>= 0.6.63.95)
      WebSharper (>= 3.6.11.234)
    WebSharper.UI.Next (3.6.11.207)
      WebSharper (>= 3.6.11.234)
GITHUB
  remote: Kimserey/SimpleUI
    dist/css/SimpleUI.css (5b60b71e7bc12b611848ace517d592f80dcfe46e)
    dist/js/SimpleUI.js (5b60b71e7bc12b611848ace517d592f80dcfe46e)